PATH
  remote: ../stackato/kato/
  specs:
    stackato-kato (1.1.0)
      docopt
      em-http-request (~> 1.0.0)
      eventmachine (~> 1.0.0)
      eventmachine-tail (~> 0.6.3)
      fraggle (= 4.0.1)
      fraggle-block (= 0.2.0)
      ipaddress (~> 0.8.0)
      mustache
      pg
      sqlite3
      term-ansicolor
      uuid (~> 2.3.5)
      vic (~> 1.0.0)
      yajl-ruby (~> 1.1.0)

GEM
  remote: http://rubygems.org/
  specs:
    actionpack (3.2.9)
      activemodel (= 3.2.9)
      activesupport (= 3.2.9)
      builder (~> 3.0.0)
      erubis (~> 2.7.0)
      journey (~> 1.0.4)
      rack (~> 1.4.0)
      rack-cache (~> 1.2)
      rack-test (~> 0.6.1)
      sprockets (~> 2.2.1)
    activemodel (3.2.9)
      activesupport (= 3.2.9)
      builder (~> 3.0.0)
    activerecord (3.2.9)
      activemodel (= 3.2.9)
      activesupport (= 3.2.9)
      arel (~> 3.0.2)
      tzinfo (~> 0.3.29)
    activesupport (3.2.9)
      i18n (~> 0.6)
      multi_json (~> 1.0)
    addressable (2.3.2)
    arel (3.0.2)
    beefcake (0.3.7)
    builder (3.0.4)
    cookiejar (0.3.0)
    docopt (0.5.0)
    em-http-request (1.0.3)
      addressable (>= 2.2.3)
      cookiejar
      em-socksify
      eventmachine (>= 1.0.0.beta.4)
      http_parser.rb (>= 0.5.3)
    em-socksify (0.2.1)
      eventmachine (>= 1.0.0.beta.4)
    erubis (2.7.0)
    eventmachine (1.0.0)
    eventmachine-tail (0.6.4)
      eventmachine
    ffi (1.2.0)
    fraggle (4.0.1)
      beefcake (~> 0.3)
      eventmachine
    fraggle-block (0.2.0)
      beefcake (~> 0.3)
    hike (1.2.1)
    http_parser.rb (0.5.3)
    i18n (0.6.1)
    ipaddress (0.8.0)
    journey (1.0.4)
    json (1.7.6)
    listen (0.6.0)
    macaddr (1.6.1)
      systemu (~> 2.5.0)
    multi_json (1.5.0)
    mustache (0.99.4)
    pg (0.14.1)
    rack (1.4.1)
    rack-cache (1.2)
      rack (>= 0.4)
    rack-protection (1.3.2)
      rack
    rack-ssl (1.3.2)
      rack
    rack-test (0.6.2)
      rack (>= 1.0)
    railties (3.2.9)
      actionpack (= 3.2.9)
      activesupport (= 3.2.9)
      rack-ssl (~> 1.3.2)
      rake (>= 0.8.7)
      rdoc (~> 3.4)
      thor (>= 0.14.6, < 2.0)
    rake (10.0.3)
    rb-inotify (0.8.8)
      ffi (>= 0.5.0)
    rdoc (3.12)
      json (~> 1.4)
    rerun (0.7.1)
      listen
    ruby-openid (2.2.2)
    sinatra (1.3.3)
      rack (~> 1.3, >= 1.3.6)
      rack-protection (~> 1.2)
      tilt (~> 1.3, >= 1.3.3)
    sprockets (2.2.2)
      hike (~> 1.2)
      multi_json (~> 1.0)
      rack (~> 1.0)
      tilt (~> 1.1, != 1.3.0)
    sqlite3 (1.3.6)
    standalone_migrations (2.0.2)
      activerecord (~> 3.2.6)
      railties (~> 3.2.6)
      rake
    systemu (2.5.2)
    term-ansicolor (1.0.7)
    thor (0.16.0)
    tilt (1.3.3)
    tzinfo (0.3.35)
    uuid (2.3.6)
      macaddr (~> 1.0)
    vic (1.0.0)
    yajl-ruby (1.1.0)

PLATFORMS
  ruby

DEPENDENCIES
  activerecord
  rb-inotify
  rerun
  ruby-openid
  sinatra
  stackato-kato!
  standalone_migrations
