PATH
  remote: ../stackato/kato/
  specs:
    stackato-kato (1.1.0)
      docopt
      em-http-request (~> 1.0.0)
      eventmachine (~> 1.0.0)
      eventmachine-tail (~> 0.6.3)
      fraggle (= 4.0.1)
      fraggle-block (= 0.2.0)
      ipaddress (~> 0.8.0)
      mustache
      pg
      sqlite3
      term-ansicolor
      uuid (~> 2.3.5)
      vic (~> 1.0.0)
      yajl-ruby (~> 1.1.0)

GEM
  remote: http://rubygems.org/
  specs:
    activemodel (3.0.19)
      activesupport (= 3.0.19)
      builder (~> 2.1.2)
      i18n (~> 0.5.0)
    activerecord (3.0.19)
      activemodel (= 3.0.19)
      activesupport (= 3.0.19)
      arel (~> 2.0.10)
      tzinfo (~> 0.3.23)
    activesupport (3.0.19)
    addressable (2.3.2)
    arel (2.0.10)
    beefcake (0.3.7)
    builder (2.1.2)
    cookiejar (0.3.0)
    docopt (0.5.0)
    em-http-request (1.0.3)
      addressable (>= 2.2.3)
      cookiejar
      em-socksify
      eventmachine (>= 1.0.0.beta.4)
      http_parser.rb (>= 0.5.3)
    em-socksify (0.2.1)
      eventmachine (>= 1.0.0.beta.4)
    eventmachine (1.0.0)
    eventmachine-tail (0.6.4)
      eventmachine
    ffi (1.2.0)
    fraggle (4.0.1)
      beefcake (~> 0.3)
      eventmachine
    fraggle-block (0.2.0)
      beefcake (~> 0.3)
    hashie (1.2.0)
    http_parser.rb (0.5.3)
    i18n (0.5.0)
    ipaddress (0.8.0)
    listen (0.6.0)
    macaddr (1.6.1)
      systemu (~> 2.5.0)
    mustache (0.99.4)
    omniauth (1.1.1)
      hashie (~> 1.2)
      rack
    pg (0.14.1)
    rack (1.4.1)
    rack-protection (1.3.2)
      rack
    rake (10.0.3)
    rb-inotify (0.8.8)
      ffi (>= 0.5.0)
    rerun (0.7.1)
      listen
    ruby-openid (2.2.2)
    sinatra (1.3.3)
      rack (~> 1.3, >= 1.3.6)
      rack-protection (~> 1.2)
      tilt (~> 1.3, >= 1.3.3)
    sqlite3 (1.3.6)
    systemu (2.5.2)
    term-ansicolor (1.0.7)
    tilt (1.3.3)
    tzinfo (0.3.35)
    uuid (2.3.6)
      macaddr (~> 1.0)
    vic (1.0.0)
    yajl-ruby (1.1.0)

PLATFORMS
  ruby

DEPENDENCIES
  activerecord (~> 3.0.19)
  omniauth (~> 1.1.1)
  pg
  rake
  rb-inotify
  rerun
  ruby-openid (~> 2.2.2)
  sinatra (~> 1.3.3)
  stackato-kato!
