PATH
  remote: ../vcap/common
  specs:
    vcap_common (1.0.12)
      eventmachine (~> 1.0.0)
      nats (= 0.4.26)
      posix-spawn (~> 0.3.6)
      stackato-kato (~> 2.11.0)
      thin (~> 1.5.0)
      yajl-ruby (~> 1.1.0)

GEM
  remote: https://rubygems.org/
  specs:
    activemodel (3.2.13)
      activesupport (= 3.2.13)
      builder (~> 3.0.0)
    activerecord (3.2.13)
      activemodel (= 3.2.13)
      activesupport (= 3.2.13)
      arel (~> 3.0.2)
      tzinfo (~> 0.3.29)
    activesupport (3.2.13)
      i18n (= 0.6.1)
      multi_json (~> 1.0)
    addressable (2.3.4)
    arel (3.0.2)
    bcrypt-ruby (3.0.1)
    beefcake (0.3.7)
    builder (3.0.4)
    cookiejar (0.3.0)
    daemons (1.1.9)
    diff-lcs (1.2.4)
    docopt (0.5.0)
    em-hiredis (0.2.1)
      hiredis (~> 0.4.0)
    em-http-request (1.0.3)
      addressable (>= 2.2.3)
      cookiejar
      em-socksify
      eventmachine (>= 1.0.0.beta.4)
      http_parser.rb (>= 0.5.3)
    em-socksify (0.2.1)
      eventmachine (>= 1.0.0.beta.4)
    eventmachine (1.0.1)
    eventmachine-tail (0.6.4)
      eventmachine
    ffi (1.8.1)
    fraggle (4.0.1)
      beefcake (~> 0.3)
      eventmachine
    fraggle-block (0.2.0)
      beefcake (~> 0.3)
    hashie (2.0.5)
    hiredis (0.4.5)
    http_parser.rb (0.5.3)
    i18n (0.6.1)
    ipaddress (0.8.0)
    json_pure (1.8.0)
    listen (1.1.4)
      rb-fsevent (>= 0.9.3)
      rb-inotify (>= 0.9)
      rb-kqueue (>= 0.2)
    multi_json (1.7.4)
    mustache (0.99.4)
    nats (0.4.26)
      daemons (>= 1.1.5)
      eventmachine (>= 0.12.10)
      json_pure (>= 1.7.3)
      thin (>= 1.4.1)
    net-ldap (0.2.2)
    omniauth (1.1.4)
      hashie (>= 1.2, < 3)
      rack
    omniauth-google-apps (0.0.2)
      omniauth (~> 1.0)
      omniauth-openid (~> 1.0)
      ruby-openid-apps-discovery (~> 1.2.0)
    omniauth-identity (1.1.0)
      bcrypt-ruby (~> 3.0)
      omniauth (~> 1.0)
    omniauth-ldap (1.0.3)
      net-ldap (~> 0.2.2)
      omniauth (~> 1.0)
      pyu-ruby-sasl (~> 0.0.3.1)
      rubyntlm (~> 0.1.1)
    omniauth-openid (1.0.1)
      omniauth (~> 1.0)
      rack-openid (~> 1.3.1)
    pg (0.14.1)
    posix-spawn (0.3.6)
    pyu-ruby-sasl (0.0.3.3)
    rack (1.5.2)
    rack-openid (1.3.1)
      rack (>= 1.1.0)
      ruby-openid (>= 2.1.8)
    rack-protection (1.5.0)
      rack
    rack-test (0.6.2)
      rack (>= 1.0)
    rake (10.0.4)
    rb-fsevent (0.9.3)
    rb-inotify (0.9.0)
      ffi (>= 0.5.0)
    rb-kqueue (0.2.0)
      ffi (>= 0.5.0)
    redis (3.0.4)
    rerun (0.8.1)
      listen (>= 1.0.3)
    rspec (2.13.0)
      rspec-core (~> 2.13.0)
      rspec-expectations (~> 2.13.0)
      rspec-mocks (~> 2.13.0)
    rspec-core (2.13.1)
    rspec-expectations (2.13.0)
      diff-lcs (>= 1.1.3, < 2.0)
    rspec-mocks (2.13.1)
    ruby-openid (2.2.3)
    ruby-openid-apps-discovery (1.2.0)
      ruby-openid (>= 2.1.7)
    ruby-termios (0.9.6)
    rubyntlm (0.1.1)
    sinatra (1.3.6)
      rack (~> 1.4)
      rack-protection (~> 1.3)
      tilt (~> 1.3, >= 1.3.3)
    sqlite3 (1.3.7)
    stackato-kato (2.11.0)
      docopt (= 0.5.0)
      em-hiredis
      em-http-request (= 1.0.3)
      eventmachine (= 1.0.1)
      eventmachine-tail (= 0.6.4)
      fraggle (= 4.0.1)
      fraggle-block (= 0.2.0)
      ipaddress (= 0.8.0)
      mustache (= 0.99.4)
      pg (= 0.14.1)
      redis
      ruby-termios (= 0.9.6)
      sqlite3 (= 1.3.7)
      term-ansicolor (= 1.0.7)
      vic (= 1.0.0)
      xmlparser (= 0.7.2.1)
      yajl-ruby (= 1.1.0)
    term-ansicolor (1.0.7)
    thin (1.5.1)
      daemons (>= 1.0.9)
      eventmachine (>= 0.12.6)
      rack (>= 1.0.0)
    tilt (1.4.1)
    tzinfo (0.3.37)
    vic (1.0.0)
    xmlparser (0.7.2.1)
    yajl-ruby (1.1.0)

PLATFORMS
  ruby

DEPENDENCIES
  activemodel (= 3.2.13)
  activerecord (= 3.2.13)
  activesupport (= 3.2.13)
  addressable (= 2.3.4)
  arel (= 3.0.2)
  bcrypt-ruby (= 3.0.1)
  beefcake (= 0.3.7)
  builder (= 3.0.4)
  cookiejar (= 0.3.0)
  daemons (= 1.1.9)
  diff-lcs (= 1.2.4)
  docopt (= 0.5.0)
  em-hiredis (= 0.2.1)
  em-http-request (= 1.0.3)
  em-socksify (= 0.2.1)
  eventmachine (= 1.0.1)
  eventmachine-tail (= 0.6.4)
  ffi (= 1.8.1)
  fraggle (= 4.0.1)
  fraggle-block (= 0.2.0)
  hashie (= 2.0.5)
  hiredis (= 0.4.5)
  http_parser.rb (= 0.5.3)
  i18n (= 0.6.1)
  ipaddress (= 0.8.0)
  json_pure (= 1.8.0)
  listen (= 1.1.4)
  multi_json (= 1.7.4)
  mustache (= 0.99.4)
  nats (= 0.4.26)
  net-ldap (= 0.2.2)
  omniauth (= 1.1.4)
  omniauth-google-apps (= 0.0.2)
  omniauth-identity (= 1.1.0)
  omniauth-ldap (= 1.0.3)
  omniauth-openid (= 1.0.1)
  pg (= 0.14.1)
  posix-spawn (= 0.3.6)
  pyu-ruby-sasl (= 0.0.3.3)
  rack (= 1.5.2)
  rack-openid (= 1.3.1)
  rack-protection (= 1.5.0)
  rack-test (= 0.6.2)
  rake (= 10.0.4)
  rb-fsevent (= 0.9.3)
  rb-inotify (= 0.9.0)
  rb-kqueue (= 0.2.0)
  redis (= 3.0.4)
  rerun (= 0.8.1)
  rspec (= 2.13.0)
  rspec-core (= 2.13.1)
  rspec-expectations (= 2.13.0)
  rspec-mocks (= 2.13.1)
  ruby-openid (= 2.2.3)
  ruby-openid-apps-discovery (= 1.2.0)
  ruby-termios (= 0.9.6)
  rubyntlm (= 0.1.1)
  sinatra (= 1.3.6)
  sqlite3 (= 1.3.7)
  stackato-kato (= 2.11.0)
  term-ansicolor (= 1.0.7)
  thin (= 1.5.1)
  tilt (= 1.4.1)
  tzinfo (= 0.3.37)
  vcap_common (= 1.0.12)!
  vic (= 1.0.0)
  xmlparser (= 0.7.2.1)
  yajl-ruby (= 1.1.0)
