PATH
  remote: ../vcap/common
  specs:
    vcap_common (1.0.12)
      eventmachine (~> 1.0.0)
      nats (~> 0.4.26)
      posix-spawn (~> 0.3.6)
      stackato-kato
      thin (>= 1.4.0, < 1.6)
      yajl-ruby (~> 1.1.0)

GEM
  remote: http://rubygems.org/
  specs:
    activemodel (3.0.20)
      activesupport (= 3.0.20)
      builder (~> 2.1.2)
      i18n (~> 0.5.0)
    activerecord (3.0.20)
      activemodel (= 3.0.20)
      activesupport (= 3.0.20)
      arel (~> 2.0.10)
      tzinfo (~> 0.3.23)
    activesupport (3.0.20)
    addressable (2.3.2)
    arel (2.0.10)
    bcrypt-ruby (3.0.1)
    beefcake (0.3.7)
    builder (2.1.2)
    cookiejar (0.3.0)
    daemons (1.1.9)
    diff-lcs (1.1.3)
    docopt (0.5.0)
    em-http-request (1.0.3)
      addressable (>= 2.2.3)
      cookiejar
      em-socksify
      eventmachine (>= 1.0.0.beta.4)
      http_parser.rb (>= 0.5.3)
    em-socksify (0.2.1)
      eventmachine (>= 1.0.0.beta.4)
    eventmachine (1.0.0)
    eventmachine-tail (0.6.4)
      eventmachine
    ffi (1.3.1)
    fraggle (4.0.1)
      beefcake (~> 0.3)
      eventmachine
    fraggle-block (0.2.0)
      beefcake (~> 0.3)
    hashie (1.2.0)
    http_parser.rb (0.5.3)
    i18n (0.5.0)
    ipaddress (0.8.0)
    json_pure (1.7.6)
    listen (0.7.2)
    macaddr (1.6.1)
      systemu (~> 2.5.0)
    mustache (0.99.4)
    nats (0.4.26)
      daemons (>= 1.1.5)
      eventmachine (>= 0.12.10)
      json_pure (>= 1.7.3)
      thin (>= 1.4.1)
    net-ldap (0.2.2)
    omniauth (1.1.1)
      hashie (~> 1.2)
      rack
    omniauth-identity (1.1.0)
      bcrypt-ruby (~> 3.0)
      omniauth (~> 1.0)
    omniauth-ldap (1.0.2)
      net-ldap (~> 0.2.2)
      omniauth (~> 1.0)
      pyu-ruby-sasl (~> 0.0.3.1)
      rubyntlm (~> 0.1.1)
    pg (0.14.1)
    posix-spawn (0.3.6)
    pyu-ruby-sasl (0.0.3.3)
    rack (1.5.1)
    rack-protection (1.3.2)
      rack
    rack-test (0.6.2)
      rack (>= 1.0)
    rake (10.0.3)
    rb-inotify (0.9.0)
      ffi (>= 0.5.0)
    rerun (0.7.1)
      listen
    rspec (2.12.0)
      rspec-core (~> 2.12.0)
      rspec-expectations (~> 2.12.0)
      rspec-mocks (~> 2.12.0)
    rspec-core (2.12.2)
    rspec-expectations (2.12.1)
      diff-lcs (~> 1.1.3)
    rspec-mocks (2.12.2)
    ruby-openid (2.2.2)
    ruby-termios (0.9.6)
    rubyntlm (0.1.1)
    sinatra (1.3.4)
      rack (~> 1.4)
      rack-protection (~> 1.3)
      tilt (~> 1.3, >= 1.3.3)
    sqlite3 (1.3.7)
    stackato-kato (1.1.0)
      docopt
      em-http-request (~> 1.0.0)
      eventmachine (~> 1.0.0)
      eventmachine-tail (~> 0.6.3)
      fraggle (= 4.0.1)
      fraggle-block (= 0.2.0)
      ipaddress (~> 0.8.0)
      mustache
      pg
      ruby-termios
      sqlite3
      term-ansicolor
      uuid (~> 2.3.5)
      vic (~> 1.0.0)
      xmlparser
      yajl-ruby (~> 1.1.0)
    systemu (2.5.2)
    term-ansicolor (1.0.7)
    thin (1.5.0)
      daemons (>= 1.0.9)
      eventmachine (>= 0.12.6)
      rack (>= 1.0.0)
    tilt (1.3.3)
    tzinfo (0.3.35)
    uuid (2.3.6)
      macaddr (~> 1.0)
    vic (1.0.0)
    xmlparser (0.7.2.1)
    yajl-ruby (1.1.0)

PLATFORMS
  ruby

DEPENDENCIES
  activerecord (~> 3.0.19)
  bcrypt-ruby
  omniauth (~> 1.1.1)
  omniauth-identity (~> 1.1.0)
  omniauth-ldap (~> 1.0.2)
  pg
  rack-test
  rake
  rb-inotify
  rerun
  rspec
  ruby-openid (~> 2.2.2)
  sinatra (~> 1.3.3)
  stackato-kato
  thin
  vcap_common!
