GEM
  remote: http://rubygems.org/
  specs:
    ffi (1.2.0)
    listen (0.6.0)
    rack (1.4.1)
    rack-protection (1.3.2)
      rack
    rb-inotify (0.8.8)
      ffi (>= 0.5.0)
    rerun (0.7.1)
      listen
    ruby-openid (2.2.2)
    sinatra (1.3.3)
      rack (~> 1.3, >= 1.3.6)
      rack-protection (~> 1.2)
      tilt (~> 1.3, >= 1.3.3)
    tilt (1.3.3)

PLATFORMS
  ruby

DEPENDENCIES
  rb-inotify
  rerun
  ruby-openid
  sinatra
